PATH
  remote: .
  specs:
    backups-cli (1.0.1)
      dogapi
      json
      mysql2
      slack-notifier
      tablelize
      thor

GEM
  remote: http://rubygems.org/
  specs:
    dogapi (1.28.0)
      multi_json
    json (2.1.0)
    multi_json (1.13.1)
    mysql2 (0.4.10)
    rake (12.3.0)
    slack-notifier (2.3.2)
    tablelize (0.1.1)
      thor
    thor (0.20.0)

PLATFORMS
  ruby

DEPENDENCIES
  backups-cli!
  rake

BUNDLED WITH
   1.16.0
